PATH
  remote: .
  specs:
    wamupd (1.0)
      algorithms
      daemons
      dnsruby
      logger
      ruby-dbus (>= 0.6.1)

GEM
  specs:
    algorithms (0.3.0)
    daemons (1.1.4)
    dnsruby (1.52)
    logger (1.2.8)
    ruby-dbus (0.6.1)

PLATFORMS
  ruby

DEPENDENCIES
  wamupd!
